GEM
  remote: http://rubygems.org/
  specs:
    RedCloth (4.2.9)
    activesupport (2.1.0)
    haml (5.0.0)
      temple (>= 0.8.0)
      tilt
    liquid (2.3.0)
    open4 (1.3.0)
    rdiscount (1.6.8)
    sass (3.1.14)
    temple (0.8.2)
    tilt (2.0.10)

PLATFORMS
  ruby

DEPENDENCIES
  RedCloth
  activesupport (= 2.1.0)
  haml
  liquid
  open4
  rdiscount
  sass
